GEM
  specs:
    dotenv (2.7.5)

PLATFORMS
  x64-mingw32

DEPENDENCIES
  dotenv

BUNDLED WITH
   1.17.2
